PATH
  remote: .
  specs:
    miniverse (0.0.1)
      clamp
      rubyzip

GEM
  remote: https://rubygems.org/
  specs:
    clamp (1.3.1)
    diff-lcs (1.3)
    rspec (3.9.0)
      rspec-core (~> 3.9.0)
      rspec-expectations (~> 3.9.0)
      rspec-mocks (~> 3.9.0)
    rspec-core (3.9.2)
      rspec-support (~> 3.9.3)
    rspec-expectations (3.9.1)
      diff-lcs (>= 1.2.0, < 2.0)
      rspec-support (~> 3.9.0)
    rspec-mocks (3.9.1)
      diff-lcs (>= 1.2.0, < 2.0)
      rspec-support (~> 3.9.0)
    rspec-support (3.9.3)
    rubyzip (2.3.0)

PLATFORMS
  ruby

DEPENDENCIES
  miniverse!
  rspec

BUNDLED WITH
   2.1.4
