PATH
  remote: .
  specs:
    miniverse (0.0.3)
      clamp
      rubyzip
      thingiverse

GEM
  remote: https://rubygems.org/
  specs:
    clamp (1.3.1)
    curb (0.9.10)
    diff-lcs (1.3)
    httparty (0.18.0)
      mime-types (~> 3.0)
      multi_xml (>= 0.5.2)
    json (2.3.0)
    mime-types (3.3.1)
      mime-types-data (~> 3.2015)
    mime-types-data (3.2020.0512)
    multi_xml (0.6.0)
    rspec (3.9.0)
      rspec-core (~> 3.9.0)
      rspec-expectations (~> 3.9.0)
      rspec-mocks (~> 3.9.0)
    rspec-core (3.9.2)
      rspec-support (~> 3.9.3)
    rspec-expectations (3.9.1)
      diff-lcs (>= 1.2.0, < 2.0)
      rspec-support (~> 3.9.0)
    rspec-mocks (3.9.1)
      diff-lcs (>= 1.2.0, < 2.0)
      rspec-support (~> 3.9.0)
    rspec-support (3.9.3)
    rubyzip (2.3.0)
    thingiverse (0.0.8)
      curb
      httparty
      json

PLATFORMS
  ruby

DEPENDENCIES
  miniverse!
  rspec

BUNDLED WITH
   2.1.4
